{
  "TaskName": "Covert PWI",
  "Manufacturer": "CTF",
  "PowerLineFrequency": 60,
  "SamplingFrequency": 1200,
  "SoftwareFilters": {
    "SpatialCompensation": {
      "GradientOrder": 3
    }
  },
  "RecordingDuration": 410,
  "RecordingType": "continuous",
  "DewarPosition": "upright",
  "DigitizedLandmarks": true,
  "DigitizedHeadPoints": true,
  "ContinuousHeadLocalization": true
}